GEM
  remote: http://rubygems.org/
  specs:
    diff-lcs (1.1.3)
    git (1.2.5)
    gli (2.5.3)
    i18n (0.6.1)
    i18n-spec (0.3.0)
      iso
    iso (0.2.0)
      i18n
    jeweler (1.8.4)
      bundler (~> 1.0)
      git (>= 1.2.5)
      rake
      rdoc
    json (1.7.6)
    localeapp (0.6.8)
      gli
      i18n
      json
      rest-client
      ya2yaml
    mime-types (1.19)
    rack (1.4.4)
    rake (10.0.3)
    rdoc (3.12)
      json (~> 1.4)
    rest-client (1.6.7)
      mime-types (>= 1.16)
    rspec (2.12.0)
      rspec-core (~> 2.12.0)
      rspec-expectations (~> 2.12.0)
      rspec-mocks (~> 2.12.0)
    rspec-core (2.12.2)
    rspec-expectations (2.12.1)
      diff-lcs (~> 1.1.3)
    rspec-mocks (2.12.1)
    ya2yaml (0.31)

PLATFORMS
  ruby

DEPENDENCIES
  bundler
  i18n-spec
  jeweler (> 1.6.4)
  localeapp
  rack
  rspec (>= 2.4.0)
